PATH
  remote: .
  specs:
    purpleair (0.0.4)
      faraday_middleware (~> 1.1)
      mqtt-homeassistant (~> 0.1)
      net-http-persistent (~> 4.0)

GEM
  remote: https://rubygems.org/
  specs:
    ast (2.4.2)
    byebug (9.1.0)
    connection_pool (2.2.5)
    faraday (1.8.0)
      faraday-em_http (~> 1.0)
      faraday-em_synchrony (~> 1.0)
      faraday-excon (~> 1.1)
      faraday-httpclient (~> 1.0.1)
      faraday-net_http (~> 1.0)
      faraday-net_http_persistent (~> 1.1)
      faraday-patron (~> 1.0)
      faraday-rack (~> 1.0)
      multipart-post (>= 1.2, < 3)
      ruby2_keywords (>= 0.0.4)
    faraday-em_http (1.0.0)
    faraday-em_synchrony (1.0.0)
    faraday-excon (1.1.0)
    faraday-httpclient (1.0.1)
    faraday-net_http (1.0.1)
    faraday-net_http_persistent (1.2.0)
    faraday-patron (1.0.0)
    faraday-rack (1.0.0)
    faraday_middleware (1.2.0)
      faraday (~> 1.0)
    homie-mqtt (1.6.0)
      mqtt-ccutrer (~> 1.0, >= 1.0.1)
      ruby2_keywords (~> 0.0.5)
    json (2.6.1)
    mqtt-ccutrer (1.0.2)
    mqtt-homeassistant (0.1.3)
      homie-mqtt (~> 1.6)
      json (~> 2.0)
    multipart-post (2.1.1)
    net-http-persistent (4.0.1)
      connection_pool (~> 2.2)
    parallel (1.21.0)
    parser (3.0.3.2)
      ast (~> 2.4.1)
    rainbow (3.0.0)
    rake (13.0.6)
    regexp_parser (2.2.0)
    rexml (3.2.5)
    rubocop (1.23.0)
      parallel (~> 1.10)
      parser (>= 3.0.0.0)
      rainbow (>= 2.2.2, < 4.0)
      regexp_parser (>= 1.8, < 3.0)
      rexml
      rubocop-ast (>= 1.12.0, < 2.0)
      ruby-progressbar (~> 1.7)
      unicode-display_width (>= 1.4.0, < 3.0)
    rubocop-ast (1.15.0)
      parser (>= 3.0.1.1)
    rubocop-performance (1.12.0)
      rubocop (>= 1.7.0, < 2.0)
      rubocop-ast (>= 0.4.0)
    rubocop-rake (0.6.0)
      rubocop (~> 1.0)
    ruby-progressbar (1.11.0)
    ruby2_keywords (0.0.5)
    unicode-display_width (2.1.0)

PLATFORMS
  x86_64-linux

DEPENDENCIES
  byebug (~> 9.0)
  purpleair!
  rake (~> 13.0)
  rubocop (~> 1.19)
  rubocop-performance (~> 1.12)
  rubocop-rake (~> 0.6)

BUNDLED WITH
   2.2.26
